NUGET
  remote: https://www.nuget.org/api/v2
    FAKE (4.50.1)
    GitVersion.CommandLine (4.0.0-beta0009)
    NuGet.CommandLine (3.5)
    OpenCover (4.6.519)
    OpenCoverToCoberturaConverter (0.2.6)
    ReportGenerator (2.5.2)
    xunit.runner.console (2.2)
HTTP
  remote: https://github.com
    windows-amd64-github-release.zip (/aktau/github-release/releases/download/v0.6.2/windows-amd64-github-release.zip)